GEM
  specs:
    activemodel (3.0.9)
      activesupport (= 3.0.9)
      builder (~> 2.1.2)
      i18n (~> 0.5.0)
    activesupport (3.0.9)
    addressable (2.2.6)
    builder (2.1.2)
    faraday (0.7.4)
      addressable (~> 2.2.6)
      multipart-post (~> 1.1.0)
      rack (< 2, >= 1.1.0)
    i18n (0.5.0)
    multi_json (0.0.5)
    multipart-post (1.1.3)
    podio (0.5.1)
      activemodel (~> 3.0.0)
      activesupport (~> 3.0.0)
      faraday (~> 0.7.0)
      i18n (~> 0.5.0)
      multi_json (~> 0.0.5)
    rack (1.2.3)
    sinatra (1.2.6)
      rack (~> 1.1)
      tilt (< 2.0, >= 1.2.2)
    tilt (1.3.2)

PLATFORMS
  ruby

DEPENDENCIES
  podio
  sinatra
